GEM
  remote: https://rubygems.org/
  specs:
    diff-lcs (1.2.5)
    jsonlint (0.1.0)
      oj (~> 2)
    oj (2.17.1)
    rake (11.2.2)
    rspec (3.5.0)
      rspec-core (~> 3.5.0)
      rspec-expectations (~> 3.5.0)
      rspec-mocks (~> 3.5.0)
    rspec-core (3.5.1)
      rspec-support (~> 3.5.0)
    rspec-expectations (3.5.0)
      diff-lcs (>= 1.2.0, < 2.0)
      rspec-support (~> 3.5.0)
    rspec-mocks (3.5.0)
      diff-lcs (>= 1.2.0, < 2.0)
      rspec-support (~> 3.5.0)
    rspec-support (3.5.0)
    yaml-lint (0.0.9)

PLATFORMS
  ruby

DEPENDENCIES
  jsonlint
  rake
  rspec
  yaml-lint

BUNDLED WITH
   1.12.5
